GEM
  remote: http://rubygems.org/
  specs:
    json (1.7.5)
    logem (0.3.0)
    mechanize (1.0.0)
      nokogiri (>= 1.2.1)
    nokogiri (1.5.5)

PLATFORMS
  ruby

DEPENDENCIES
  json
  logem
  mechanize (= 1.0.0)
